GEM
  remote: https://rubygems.org/
  specs:
    ruby-dbus (0.13.0)
    slop (4.4.1)

PLATFORMS
  ruby

DEPENDENCIES
  ruby-dbus!
  slop!

BUNDLED WITH
   1.14.6
